PATH
  remote: .
  specs:
    word_play (0.1.0)
      thor (~> 0.20)

GEM
  remote: https://rubygems.org/
  specs:
    rake (13.0.1)
    thor (0.20.3)

PLATFORMS
  ruby

DEPENDENCIES
  bundler (~> 2.0)
  rake (~> 13.0)
  word_play!

BUNDLED WITH
   2.0.2
